GEM
  remote: https://rubygems.org/
  specs:
    multi_json (1.12.1)
    puma (3.4.0)
    rack (1.6.4)
    rack-protection (1.5.3)
      rack
    sinatra (1.4.7)
      rack (~> 1.5)
      rack-protection (~> 1.4)
      tilt (>= 1.3, < 3)
    tilt (2.0.5)
    yajl-ruby (1.2.1)

PLATFORMS
  ruby

DEPENDENCIES
  multi_json
  puma
  sinatra
  yajl-ruby

BUNDLED WITH
   1.11.2
