GEM
  remote: https://rubygems.org/
  specs:
    multi_json (1.12.2)
    puma (3.11.0)
    rack (2.0.3)
    rack-protection (2.0.0)
      rack
    sinatra (2.0.0)
      rack (~> 1.5)
      rack-protection (~> 1.4)
      tilt (>= 1.3, < 3)
    tilt (2.0.5)
    yajl-ruby (1.3.1)

PLATFORMS
  ruby

DEPENDENCIES
  multi_json
  puma
  sinatra
  yajl-ruby

RUBY VERSION
   ruby 2.3.3p222

BUNDLED WITH
   1.16.1
